GIT
  remote: git://github.com/technicalpickles/capistrano-campfire.git
  revision: 6d4391b16c6a6debfd42bbf0821c27dce7cc973a
  specs:
    capistrano-campfire (0.2.1)
      capistrano
      tinder

GEM
  remote: https://rubygems.org/
  specs:
    capistrano (2.15.5)
      highline
      net-scp (>= 1.0.0)
      net-sftp (>= 2.0.0)
      net-ssh (>= 2.0.14)
      net-ssh-gateway (>= 1.1.0)
    capistrano-node-deploy (1.2.4)
      multi_json (~> 1.3.6)
      railsless-deploy (~> 1.0.2)
    capistrano_colors (0.5.5)
    eventmachine (1.0.3)
    faraday (0.8.7)
      multipart-post (~> 1.1)
    faraday_middleware (0.9.0)
      faraday (>= 0.7.4, < 0.9)
    hashie (1.2.0)
    highline (1.6.19)
    http_parser.rb (0.5.3)
    json (1.8.0)
    mime-types (1.23)
    multi_json (1.3.7)
    multipart-post (1.2.0)
    net-scp (1.1.1)
      net-ssh (>= 2.6.5)
    net-sftp (2.1.2)
      net-ssh (>= 2.6.5)
    net-ssh (2.6.7)
    net-ssh-gateway (1.2.0)
      net-ssh (>= 2.6.5)
    railsless-deploy (1.0.2)
    simple_oauth (0.1.9)
    tinder (1.9.1)
      eventmachine (>= 0.12.0, < 2)
      faraday (~> 0.8)
      faraday_middleware (~> 0.8)
      hashie (~> 1.0)
      json (~> 1.6)
      mime-types (~> 1.16)
      multi_json (~> 1.0)
      multipart-post (~> 1.1)
      twitter-stream (~> 0.1)
    twitter-stream (0.1.16)
      eventmachine (>= 0.12.8)
      http_parser.rb (~> 0.5.1)
      simple_oauth (~> 0.1.4)

PLATFORMS
  ruby

DEPENDENCIES
  capistrano-campfire!
  capistrano-node-deploy
  capistrano_colors
